GEM
  remote: https://rubygems.org/
  specs:
    actioncable (7.2.2.2)
      actionpack (= 7.2.2.2)
      activesupport (= 7.2.2.2)
      nio4r (~> 2.0)
      websocket-driver (>= 0.6.1)
      zeitwerk (~> 2.6)
    actionmailbox (7.2.2.2)
      actionpack (= 7.2.2.2)
      activejob (= 7.2.2.2)
      activerecord (= 7.2.2.2)
      activestorage (= 7.2.2.2)
      activesupport (= 7.2.2.2)
      mail (>= 2.8.0)
    actionmailer (7.2.2.2)
      actionpack (= 7.2.2.2)
      actionview (= 7.2.2.2)
      activejob (= 7.2.2.2)
      activesupport (= 7.2.2.2)
      mail (>= 2.8.0)
      rails-dom-testing (~> 2.2)
    actionpack (7.2.2.2)
      actionview (= 7.2.2.2)
      activesupport (= 7.2.2.2)
      nokogiri (>= 1.8.5)
      racc
      rack (>= 2.2.4, < 3.2)
      rack-session (>= 1.0.1)
      rack-test (>= 0.6.3)
      rails-dom-testing (~> 2.2)
      rails-html-sanitizer (~> 1.6)
      useragent (~> 0.16)
    actiontext (7.2.2.2)
      actionpack (= 7.2.2.2)
      activerecord (= 7.2.2.2)
      activestorage (= 7.2.2.2)
      activesupport (= 7.2.2.2)
      globalid (>= 0.6.0)
      nokogiri (>= 1.8.5)
    actionview (7.2.2.2)
      activesupport (= 7.2.2.2)
      builder (~> 3.1)
      erubi (~> 1.11)
      rails-dom-testing (~> 2.2)
      rails-html-sanitizer (~> 1.6)
    activejob (7.2.2.2)
      activesupport (= 7.2.2.2)
      globalid (>= 0.3.6)
    activemodel (7.2.2.2)
      activesupport (= 7.2.2.2)
    activerecord (7.2.2.2)
      activemodel (= 7.2.2.2)
      activesupport (= 7.2.2.2)
      timeout (>= 0.4.0)
    activestorage (7.2.2.2)
      actionpack (= 7.2.2.2)
      activejob (= 7.2.2.2)
      activerecord (= 7.2.2.2)
      activesupport (= 7.2.2.2)
      marcel (~> 1.0)
    activesupport (7.2.2.2)
      base64
      benchmark (>= 0.3)
      bigdecimal
      concurrent-ruby (~> 1.0, >= 1.3.1)
      connection_pool (>= 2.2.5)
      drb
      i18n (>= 1.6, < 2)
      logger (>= 1.4.2)
      minitest (>= 5.1)
      securerandom (>= 0.3)
      tzinfo (~> 2.0, >= 2.0.5)
    ast (2.4.3)
    base64 (0.3.0)
    bcrypt (3.1.20)
    benchmark (0.4.1)
    bigdecimal (3.2.2)
    bindex (0.8.1)
    blueprinter (1.1.2)
    bootsnap (1.18.6)
      msgpack (~> 1.2)
    builder (3.3.0)
    coderay (1.1.3)
    concurrent-ruby (1.3.5)
    connection_pool (2.5.4)
    crass (1.0.6)
    date (3.4.1)
    devise (4.9.4)
      bcrypt (~> 3.0)
      orm_adapter (~> 0.1)
      railties (>= 4.1.0)
      responders
      warden (~> 1.2.3)
    devise_token_auth (1.2.5)
      bcrypt (~> 3.0)
      devise (> 3.5.2, < 5)
      rails (>= 4.2.0, < 8.1)
    diff-lcs (1.6.2)
    docile (1.4.1)
    dockerfile-rails (1.7.10)
      rails (>= 3.0.0)
    dotenv (3.1.8)
    dotenv-rails (3.1.8)
      dotenv (= 3.1.8)
      railties (>= 6.1)
    drb (2.2.3)
    dry-configurable (1.3.0)
      dry-core (~> 1.1)
      zeitwerk (~> 2.6)
    dry-core (1.1.0)
      concurrent-ruby (~> 1.0)
      logger
      zeitwerk (~> 2.6)
    dry-inflector (1.2.0)
    dry-initializer (3.2.0)
    dry-logic (1.6.0)
      bigdecimal
      concurrent-ruby (~> 1.0)
      dry-core (~> 1.1)
      zeitwerk (~> 2.6)
    dry-schema (1.14.1)
      concurrent-ruby (~> 1.0)
      dry-configurable (~> 1.0, >= 1.0.1)
      dry-core (~> 1.1)
      dry-initializer (~> 3.2)
      dry-logic (~> 1.5)
      dry-types (~> 1.8)
      zeitwerk (~> 2.6)
    dry-types (1.8.3)
      bigdecimal (~> 3.0)
      concurrent-ruby (~> 1.0)
      dry-core (~> 1.0)
      dry-inflector (~> 1.0)
      dry-logic (~> 1.4)
      zeitwerk (~> 2.6)
    dry-validation (1.11.1)
      concurrent-ruby (~> 1.0)
      dry-core (~> 1.1)
      dry-initializer (~> 3.2)
      dry-schema (~> 1.14)
      zeitwerk (~> 2.6)
    erb (5.0.2)
    erubi (1.13.1)
    factory_bot (6.5.5)
      activesupport (>= 6.1.0)
    factory_bot_rails (6.5.0)
      factory_bot (~> 6.5)
      railties (>= 6.1.0)
    faker (3.5.2)
      i18n (>= 1.8.11, < 2)
    ffi (1.17.2)
    ffi (1.17.2-aarch64-linux-gnu)
    ffi (1.17.2-x86_64-linux-gnu)
    globalid (1.2.1)
      activesupport (>= 6.1)
    i18n (1.14.7)
      concurrent-ruby (~> 1.0)
    io-console (0.8.1)
    irb (1.15.2)
      pp (>= 0.6.0)
      rdoc (>= 4.0.0)
      reline (>= 0.4.2)
    json (2.13.2)
    language_server-protocol (3.17.0.5)
    lint_roller (1.1.0)
    listen (3.9.0)
      rb-fsevent (~> 0.10, >= 0.10.3)
      rb-inotify (~> 0.9, >= 0.9.10)
    logger (1.7.0)
    loofah (2.24.1)
      crass (~> 1.0.2)
      nokogiri (>= 1.12.0)
    mail (2.8.1)
      mini_mime (>= 0.1.1)
      net-imap
      net-pop
      net-smtp
    marcel (1.0.4)
    method_source (1.1.0)
    mini_mime (1.1.5)
    mini_portile2 (2.8.9)
    minitest (5.25.5)
    msgpack (1.8.0)
    net-imap (0.5.10)
      date
      net-protocol
    net-pop (0.1.2)
      net-protocol
    net-protocol (0.2.2)
      timeout
    net-smtp (0.5.1)
      net-protocol
    newrelic_rpm (9.21.0)
    nio4r (2.7.4)
    nokogiri (1.18.9)
      mini_portile2 (~> 2.8.2)
      racc (~> 1.4)
    nokogiri (1.18.9-aarch64-linux-gnu)
      racc (~> 1.4)
    nokogiri (1.18.9-x86_64-linux-gnu)
      racc (~> 1.4)
    orm_adapter (0.5.0)
    parallel (1.27.0)
    parser (3.3.9.0)
      ast (~> 2.4.1)
      racc
    pg (1.6.2)
    pg (1.6.2-aarch64-linux)
    pg (1.6.2-x86_64-linux)
    pp (0.6.2)
      prettyprint
    prettyprint (0.2.0)
    prism (1.4.0)
    pry (0.15.2)
      coderay (~> 1.1)
      method_source (~> 1.0)
    pry-rails (0.3.11)
      pry (>= 0.13.0)
    psych (5.2.6)
      date
      stringio
    puma (6.6.1)
      nio4r (~> 2.0)
    racc (1.8.1)
    rack (3.1.16)
    rack-cors (3.0.0)
      logger
      rack (>= 3.0.14)
    rack-session (2.1.1)
      base64 (>= 0.1.0)
      rack (>= 3.0.0)
    rack-test (2.2.0)
      rack (>= 1.3)
    rackup (2.2.1)
      rack (>= 3)
    rails (7.2.2.2)
      actioncable (= 7.2.2.2)
      actionmailbox (= 7.2.2.2)
      actionmailer (= 7.2.2.2)
      actionpack (= 7.2.2.2)
      actiontext (= 7.2.2.2)
      actionview (= 7.2.2.2)
      activejob (= 7.2.2.2)
      activemodel (= 7.2.2.2)
      activerecord (= 7.2.2.2)
      activestorage (= 7.2.2.2)
      activesupport (= 7.2.2.2)
      bundler (>= 1.15.0)
      railties (= 7.2.2.2)
    rails-dom-testing (2.3.0)
      activesupport (>= 5.0.0)
      minitest
      nokogiri (>= 1.6)
    rails-html-sanitizer (1.6.2)
      loofah (~> 2.21)
      nokogiri (>= 1.15.7, != 1.16.7, != 1.16.6, != 1.16.5, != 1.16.4, != 1.16.3, != 1.16.2, != 1.16.1, != 1.16.0.rc1, != 1.16.0)
    railties (7.2.2.2)
      actionpack (= 7.2.2.2)
      activesupport (= 7.2.2.2)
      irb (~> 1.13)
      rackup (>= 1.0.0)
      rake (>= 12.2)
      thor (~> 1.0, >= 1.2.2)
      zeitwerk (~> 2.6)
    rainbow (3.1.1)
    rake (13.3.0)
    rb-fsevent (0.11.2)
    rb-inotify (0.11.1)
      ffi (~> 1.0)
    rdoc (6.14.2)
      erb
      psych (>= 4.0.0)
    regexp_parser (2.11.2)
    reline (0.6.2)
      io-console (~> 0.5)
    responders (3.1.1)
      actionpack (>= 5.2)
      railties (>= 5.2)
    rspec-core (3.13.5)
      rspec-support (~> 3.13.0)
    rspec-expectations (3.13.5)
      diff-lcs (>= 1.2.0, < 2.0)
      rspec-support (~> 3.13.0)
    rspec-mocks (3.13.5)
      diff-lcs (>= 1.2.0, < 2.0)
      rspec-support (~> 3.13.0)
    rspec-rails (8.0.2)
      actionpack (>= 7.2)
      activesupport (>= 7.2)
      railties (>= 7.2)
      rspec-core (~> 3.13)
      rspec-expectations (~> 3.13)
      rspec-mocks (~> 3.13)
      rspec-support (~> 3.13)
    rspec-support (3.13.5)
    rubocop (1.80.1)
      json (~> 2.3)
      language_server-protocol (~> 3.17.0.2)
      lint_roller (~> 1.1.0)
      parallel (~> 1.10)
      parser (>= 3.3.0.2)
      rainbow (>= 2.2.2, < 4.0)
      regexp_parser (>= 2.9.3, < 3.0)
      rubocop-ast (>= 1.46.0, < 2.0)
      ruby-progressbar (~> 1.7)
      unicode-display_width (>= 2.4.0, < 4.0)
    rubocop-ast (1.46.0)
      parser (>= 3.3.7.2)
      prism (~> 1.4)
    rubocop-factory_bot (2.27.1)
      lint_roller (~> 1.1)
      rubocop (~> 1.72, >= 1.72.1)
    rubocop-performance (1.25.0)
      lint_roller (~> 1.1)
      rubocop (>= 1.75.0, < 2.0)
      rubocop-ast (>= 1.38.0, < 2.0)
    rubocop-rails (2.33.3)
      activesupport (>= 4.2.0)
      lint_roller (~> 1.1)
      rack (>= 1.1)
      rubocop (>= 1.75.0, < 2.0)
      rubocop-ast (>= 1.44.0, < 2.0)
    rubocop-rspec (3.7.0)
      lint_roller (~> 1.1)
      rubocop (~> 1.72, >= 1.72.1)
    rubocop-rspec_rails (2.31.0)
      lint_roller (~> 1.1)
      rubocop (~> 1.72, >= 1.72.1)
      rubocop-rspec (~> 3.5)
    ruby-progressbar (1.13.0)
    securerandom (0.4.1)
    sentry-rails (5.26.0)
      railties (>= 5.0)
      sentry-ruby (~> 5.26.0)
    sentry-ruby (5.26.0)
      bigdecimal
      concurrent-ruby (~> 1.0, >= 1.0.2)
    simplecov (0.22.0)
      docile (~> 1.1)
      simplecov-html (~> 0.11)
      simplecov_json_formatter (~> 0.1)
    simplecov-html (0.13.2)
    simplecov_json_formatter (0.1.4)
    stringio (3.1.7)
    thor (1.4.0)
    timeout (0.4.3)
    tzinfo (2.0.6)
      concurrent-ruby (~> 1.0)
    unicode-display_width (3.1.5)
      unicode-emoji (~> 4.0, >= 4.0.4)
    unicode-emoji (4.0.4)
    useragent (0.16.11)
    warden (1.2.9)
      rack (>= 2.0.9)
    web-console (4.2.1)
      actionview (>= 6.0.0)
      activemodel (>= 6.0.0)
      bindex (>= 0.4.0)
      railties (>= 6.0.0)
    websocket-driver (0.8.0)
      base64
      websocket-extensions (>= 0.1.0)
    websocket-extensions (0.1.5)
    zeitwerk (2.7.3)

PLATFORMS
  aarch64-linux
  ruby
  x86_64-linux

DEPENDENCIES
  blueprinter (~> 1.1)
  bootsnap (~> 1.16)
  devise (~> 4.9)
  devise_token_auth (~> 1.2)
  dockerfile-rails (>= 1.4)
  dotenv-rails (~> 3.1)
  dry-validation (~> 1.10)
  factory_bot_rails (~> 6.2)
  faker (~> 3.2)
  listen (~> 3.8)
  newrelic_rpm (~> 9.2)
  pg (~> 1.5)
  pry-rails (~> 0.3)
  puma (~> 6.3)
  rack-cors
  rails (~> 7.2)
  rspec-rails (~> 8.0)
  rubocop (~> 1.51)
  rubocop-factory_bot
  rubocop-performance (~> 1.18)
  rubocop-rails (~> 2.19)
  rubocop-rspec (~> 3.7)
  rubocop-rspec_rails (~> 2.31)
  sentry-rails (~> 5.9)
  simplecov (~> 0.22)
  sqlite3 (~> 1.4)
  tzinfo-data
  web-console (~> 4.2)

RUBY VERSION
   ruby 3.4.5p51

BUNDLED WITH
   2.4.10
